GEM
  remote: https://rubygems.org/
  specs:
    ast (2.1.0)
    astrolabe (1.3.1)
      parser (~> 2.2)
    codeclimate-test-reporter (0.4.7)
      simplecov (>= 0.7.1, < 1.0.0)
    diff-lcs (1.2.5)
    docile (1.1.5)
    json (1.8.3)
    mini_portile (0.6.2)
    nokogiri (1.6.6.2)
      mini_portile (~> 0.6.0)
    parser (2.2.3.0)
      ast (>= 1.1, < 3.0)
    powerpack (0.1.1)
    rainbow (2.0.0)
    rake (10.4.2)
    rspec (3.2.0)
      rspec-core (~> 3.2.0)
      rspec-expectations (~> 3.2.0)
      rspec-mocks (~> 3.2.0)
    rspec-core (3.2.3)
      rspec-support (~> 3.2.0)
    rspec-expectations (3.2.1)
      diff-lcs (>= 1.2.0, < 2.0)
      rspec-support (~> 3.2.0)
    rspec-mocks (3.2.1)
      diff-lcs (>= 1.2.0, < 2.0)
      rspec-support (~> 3.2.0)
    rspec-support (3.2.2)
    rubocop (0.35.1)
      astrolabe (~> 1.3)
      parser (>= 2.2.3.0, < 3.0)
      powerpack (~> 0.1)
      rainbow (>= 1.99.1, < 3.0)
      ruby-progressbar (~> 1.7)
      tins (<= 1.6.0)
    ruby-progressbar (1.7.5)
    simplecov (0.10.0)
      docile (~> 1.1.0)
      json (~> 1.8)
      simplecov-html (~> 0.10.0)
    simplecov-html (0.10.0)
    syfyfancam (0.1.0)
      nokogiri (~> 1.6)
    tins (1.6.0)

PLATFORMS
  ruby

DEPENDENCIES
  codeclimate-test-reporter (~> 0.4)
  rake (~> 10.4)
  rspec (~> 3.2)
  rubocop (~> 0.35)
  syfyfancam (~> 0.1)

BUNDLED WITH
   1.10.6
